PATH
  remote: .
  specs:
    rvmbs (0.0.1)

GEM
  remote: http://rubygems.org/
  specs:

PLATFORMS
  ruby

DEPENDENCIES
  rvmbs!
